NUGET
  remote: https://www.nuget.org/api/v2
  specs:
    Costura.Fody (1.3.3) - framework: >= net45
      Fody (>= 1.26.1)
    Fody (1.29.4) - framework: >= net45
    FontAwesome.WPF (4.4.0.6) - framework: >= net45
    gong-wpf-dragdrop (1.0.0-ALPHA010) - framework: >= net45
    MahApps.Metro (1.1.3-ALPHA211) - framework: >= net45
    MahApps.Metro.SimpleChildWindow (1.3.0-ALPHA001) - framework: >= net45
      MahApps.Metro
    MaterialDesignColors (1.1.0-beta) - framework: >= net45
    MaterialDesignThemes (1.0.1-beta126) - framework: >= net45
      MaterialDesignColors (>= 1.0.0)
    Newtonsoft.Json (7.0.1) - framework: >= net45
    NLog (4.0.1) - framework: >= net45
    NuGet.CommandLine (3.3.0)
    QuickIO.NET (2.6.2) - framework: >= net45
    reactiveui (6.5.0) - framework: >= net45
      reactiveui-core (6.5.0)
    reactiveui-core (6.5.0) - framework: >= net45
      Rx-Main (>= 2.2.5)
      Rx-Xaml (>= 2.2.5) - framework: >= net45, portable-win81+wpa81, winv4.5, wpv8.0
      Splat (>= 1.0 < 2.0)
    reactiveui-events (6.5.0) - framework: >= net45
      Rx-Main (>= 2.2.5)
    Rx-Core (2.2.5) - framework: >= net45
      Rx-Interfaces (>= 2.2.5)
    Rx-Interfaces (2.2.5) - framework: >= net45
    Rx-Linq (2.2.5) - framework: >= net45
      Rx-Core (>= 2.2.5)
      Rx-Interfaces (>= 2.2.5)
    Rx-Main (2.2.5) - framework: >= net45
      Rx-Core (>= 2.2.5)
      Rx-Interfaces (>= 2.2.5)
      Rx-Linq (>= 2.2.5)
      Rx-PlatformServices (>= 2.2.5)
    Rx-PlatformServices (2.2.5) - framework: >= net45
      Rx-Core (>= 2.2.5)
      Rx-Interfaces (>= 2.2.5)
    Rx-Xaml (2.2.5) - framework: >= net45
      Rx-Main (>= 2.2.5)
    Splat (1.6.2) - framework: >= net45
    TinyIoC (1.3) - framework: >= net45
    xunit (2.0.0) - framework: >= net45
      xunit.assert (2.0.0)
      xunit.core (2.0.0)
    xunit.abstractions (2.0.0) - framework: >= net45
    xunit.assert (2.0.0) - framework: >= net45
    xunit.core (2.0.0) - framework: >= net45
      xunit.extensibility.core (2.0.0)
    xunit.extensibility.core (2.0.0) - framework: >= net45
      xunit.abstractions (2.0.0)
