FRAMEWORK: NET452
NUGET
  remote: https://www.nuget.org/api/v2
    Costura.Fody (1.3.3)
      Fody (>= 1.26.1)
    Fody (1.29.4)
    FontAwesome.WPF (4.7.0.9)
    gong-wpf-dragdrop (1.1)
    MahApps.Metro (1.4.2)
    MahApps.Metro.IconPacks (1.7)
    MahApps.Metro.SimpleChildWindow (1.3)
      MahApps.Metro (>= 1.2.3)
    MaterialDesignColors (1.1.3)
    MaterialDesignThemes (1.0.1-beta126)
      MaterialDesignColors (>= 1.0)
    Newtonsoft.Json (9.0.1)
    NLog (4.4.1)
    QuickIO.NET (2.6.2)
    reactiveui (6.5.2)
      reactiveui-core (6.5.2)
    reactiveui-core (6.5.2)
      Rx-Main (>= 2.2.5)
      Rx-Xaml (>= 2.2.5)
      Splat (>= 1.4 < 2.0)
    reactiveui-events (6.5)
      Rx-Main (>= 2.2.5)
    Rx-Core (2.2.5)
      Rx-Interfaces (>= 2.2.5)
    Rx-Interfaces (2.2.5)
    Rx-Linq (2.2.5)
      Rx-Core (>= 2.2.5)
      Rx-Interfaces (>= 2.2.5)
    Rx-Main (2.2.5)
      Rx-Core (>= 2.2.5)
      Rx-Interfaces (>= 2.2.5)
      Rx-Linq (>= 2.2.5)
      Rx-PlatformServices (>= 2.2.5)
    Rx-PlatformServices (2.3)
      Rx-Core (>= 2.2)
      Rx-Interfaces (>= 2.2)
    Rx-Xaml (2.2.5)
      Rx-Main (>= 2.2.5)
    Splat (1.6.2)
    TinyIoC (1.3)
    WindowsAPICodePack-Core (1.1.2)
    WindowsAPICodePack-Shell (1.1.1)
      WindowsAPICodePack-Core (>= 1.1.1)
    xunit (2.1)
      xunit.assert (2.1)
      xunit.core (2.1)
    xunit.abstractions (2.0)
    xunit.assert (2.1)
    xunit.core (2.1)
      xunit.extensibility.core (2.1)
      xunit.extensibility.execution (2.1)
    xunit.extensibility.core (2.1)
      xunit.abstractions (2.0)
    xunit.extensibility.execution (2.1)
      xunit.extensibility.core (2.1)
